GEM
  remote: https://rubygems.org/
  specs:
    activemodel (3.2.21)
      activesupport (= 3.2.21)
      builder (~> 3.0.0)
    activesupport (3.2.21)
      i18n (~> 0.6, >= 0.6.4)
      multi_json (~> 1.0)
    backports (3.6.4)
    bson (1.7.0)
    bson_ext (1.7.0)
      bson (~> 1.7.0)
    builder (3.0.4)
    celluloid (0.16.0)
      timers (~> 4.0.0)
    daemons (1.2.2)
    eventmachine (1.0.7)
    ffi (1.9.8)
    genghisapp (2.0.0)
      json (~> 1.7.0)
      mongo (~> 1.7.0)
      sinatra (~> 1.3.3)
      sinatra-contrib (~> 1.3.1)
      sinatra-mustache (~> 0.0.4)
      vegas (~> 0.1.8)
    hitimes (1.2.2)
    i18n (0.7.0)
    jsmin (1.0.1)
    json (1.7.7)
    listen (2.10.0)
      celluloid (~> 0.16.0)
      rb-fsevent (>= 0.9.3)
      rb-inotify (>= 0.9)
    mongo (1.7.0)
      bson (~> 1.7.0)
    mongoid (3.1.7)
      activemodel (~> 3.2)
      moped (~> 1.4)
      origin (~> 1.0)
      tzinfo (~> 0.3.29)
    moped (1.5.2)
    multi_json (1.11.0)
    mustache (0.99.8)
    origin (1.1.0)
    rack (1.6.1)
    rack-mount (0.8.3)
      rack (>= 1.0.0)
    rack-protection (1.5.3)
      rack
    rack-test (0.6.3)
      rack (>= 1.0)
    rb-fsevent (0.9.5)
    rb-inotify (0.9.5)
      ffi (>= 0.5.0)
    rerun (0.10.0)
      listen (~> 2.7, >= 2.7.3)
    sinatra (1.3.6)
      rack (~> 1.4)
      rack-protection (~> 1.3)
      tilt (~> 1.3, >= 1.3.3)
    sinatra-assetpack (0.3.3)
      jsmin
      rack-test
      sinatra
      tilt (>= 1.3.0, < 2.0)
    sinatra-contrib (1.3.2)
      backports (>= 2.0)
      eventmachine
      rack-protection
      rack-test
      sinatra (~> 1.3.0)
      tilt (~> 1.3)
    sinatra-mustache (0.0.6)
      mustache (~> 0.99)
      sinatra (~> 1.3, ~> 1.2)
      tilt (~> 1.3, ~> 1.2)
    slim (3.0.3)
      temple (~> 0.7.3)
      tilt (>= 1.3.3, < 2.1)
    temple (0.7.5)
    thin (1.6.3)
      daemons (~> 1.0, >= 1.0.9)
      eventmachine (~> 1.0)
      rack (~> 1.0)
    tilt (1.4.1)
    timers (4.0.1)
      hitimes
    tzinfo (0.3.44)
    vegas (0.1.11)
      rack (>= 1.0.0)

PLATFORMS
  ruby

DEPENDENCIES
  bson_ext
  genghisapp
  mongoid
  rack-mount
  rerun
  sinatra
  sinatra-assetpack
  slim
  thin
